GEM
  remote: https://rubygems.org/
  specs:
    actioncable (7.1.4.1)
      actionpack (= 7.1.4.1)
      activesupport (= 7.1.4.1)
      nio4r (~> 2.0)
      websocket-driver (>= 0.6.1)
      zeitwerk (~> 2.6)
    actionmailbox (7.1.4.1)
      actionpack (= 7.1.4.1)
      activejob (= 7.1.4.1)
      activerecord (= 7.1.4.1)
      activestorage (= 7.1.4.1)
      activesupport (= 7.1.4.1)
      mail (>= 2.7.1)
      net-imap
      net-pop
      net-smtp
    actionmailer (7.1.4.1)
      actionpack (= 7.1.4.1)
      actionview (= 7.1.4.1)
      activejob (= 7.1.4.1)
      activesupport (= 7.1.4.1)
      mail (~> 2.5, >= 2.5.4)
      net-imap
      net-pop
      net-smtp
      rails-dom-testing (~> 2.2)
    actionpack (7.1.4.1)
      actionview (= 7.1.4.1)
      activesupport (= 7.1.4.1)
      nokogiri (>= 1.8.5)
      racc
      rack (>= 2.2.4)
      rack-session (>= 1.0.1)
      rack-test (>= 0.6.3)
      rails-dom-testing (~> 2.2)
      rails-html-sanitizer (~> 1.6)
    actiontext (7.1.4.1)
      actionpack (= 7.1.4.1)
      activerecord (= 7.1.4.1)
      activestorage (= 7.1.4.1)
      activesupport (= 7.1.4.1)
      globalid (>= 0.6.0)
      nokogiri (>= 1.8.5)
    actionview (7.1.4.1)
      activesupport (= 7.1.4.1)
      builder (~> 3.1)
      erubi (~> 1.11)
      rails-dom-testing (~> 2.2)
      rails-html-sanitizer (~> 1.6)
    activejob (7.1.4.1)
      activesupport (= 7.1.4.1)
      globalid (>= 0.3.6)
    activemodel (7.1.4.1)
      activesupport (= 7.1.4.1)
    activerecord (7.1.4.1)
      activemodel (= 7.1.4.1)
      activesupport (= 7.1.4.1)
      timeout (>= 0.4.0)
    activestorage (7.1.4.1)
      actionpack (= 7.1.4.1)
      activejob (= 7.1.4.1)
      activerecord (= 7.1.4.1)
      activesupport (= 7.1.4.1)
      marcel (~> 1.0)
    activesupport (7.1.4.1)
      base64
      bigdecimal
      concurrent-ruby (~> 1.0, >= 1.0.2)
      connection_pool (>= 2.2.5)
      drb
      i18n (>= 1.6, < 2)
      minitest (>= 5.1)
      mutex_m
      tzinfo (~> 2.0)
    addressable (2.8.7)
      public_suffix (>= 2.0.2, < 7.0)
    api-pagination (6.0.0)
    apipie-rails (1.4.2)
      actionpack (>= 5.0)
      activesupport (>= 5.0)
    ast (2.4.2)
    audited (5.5.0)
      activerecord (>= 5.0, < 7.2)
      request_store (~> 1.2)
    autoprefixer-rails (10.4.16.0)
      execjs (~> 2)
    aws-eventstream (1.3.0)
    aws-partitions (1.992.0)
    aws-record (2.13.2)
      aws-sdk-dynamodb (~> 1, >= 1.85.0)
    aws-sdk-core (3.210.0)
      aws-eventstream (~> 1, >= 1.3.0)
      aws-partitions (~> 1, >= 1.992.0)
      aws-sigv4 (~> 1.9)
      jmespath (~> 1, >= 1.6.1)
    aws-sdk-dynamodb (1.125.0)
      aws-sdk-core (~> 3, >= 3.207.0)
      aws-sigv4 (~> 1.5)
    aws-sdk-kms (1.95.0)
      aws-sdk-core (~> 3, >= 3.210.0)
      aws-sigv4 (~> 1.5)
    aws-sdk-rails (4.1.0)
      actionmailbox (>= 7.0.0)
      aws-record (~> 2)
      aws-sdk-s3 (~> 1, >= 1.123.0)
      aws-sdk-ses (~> 1, >= 1.50.0)
      aws-sdk-sesv2 (~> 1, >= 1.34.0)
      aws-sdk-sns (~> 1, >= 1.61.0)
      aws-sdk-sqs (~> 1, >= 1.56.0)
      aws-sessionstore-dynamodb (~> 2)
      concurrent-ruby (~> 1.3, >= 1.3.1)
      railties (>= 7.0.0)
    aws-sdk-s3 (1.169.0)
      aws-sdk-core (~> 3, >= 3.210.0)
      aws-sdk-kms (~> 1)
      aws-sigv4 (~> 1.5)
    aws-sdk-ses (1.76.0)
      aws-sdk-core (~> 3, >= 3.210.0)
      aws-sigv4 (~> 1.5)
    aws-sdk-sesv2 (1.64.0)
      aws-sdk-core (~> 3, >= 3.207.0)
      aws-sigv4 (~> 1.5)
    aws-sdk-sns (1.88.0)
      aws-sdk-core (~> 3, >= 3.207.0)
      aws-sigv4 (~> 1.5)
    aws-sdk-sqs (1.86.0)
      aws-sdk-core (~> 3, >= 3.207.0)
      aws-sigv4 (~> 1.5)
    aws-sessionstore-dynamodb (2.2.0)
      aws-sdk-dynamodb (~> 1, >= 1.85.0)
      rack (>= 2, < 4)
      rack-session (>= 1, < 3)
    aws-sigv4 (1.10.0)
      aws-eventstream (~> 1, >= 1.0.2)
    barnes (0.0.9)
      multi_json (~> 1)
      statsd-ruby (~> 1.1)
    base64 (0.2.0)
    bigdecimal (3.1.8)
    bootstrap (5.3.3)
      autoprefixer-rails (>= 9.1.0)
      popper_js (>= 2.11.8, < 3)
    brakeman (6.2.1)
      racc
    builder (3.3.0)
    byebug (11.1.3)
    capybara (3.40.0)
      addressable
      matrix
      mini_mime (>= 0.1.3)
      nokogiri (~> 1.11)
      rack (>= 1.6.0)
      rack-test (>= 0.6.3)
      regexp_parser (>= 1.5, < 3.0)
      xpath (~> 3.2)
    concurrent-ruby (1.3.4)
    connection_pool (2.4.1)
    crack (1.0.0)
      bigdecimal
      rexml
    crass (1.0.6)
    csv (3.3.0)
    daemons (1.4.1)
    dartsass-sprockets (3.1.0)
      railties (>= 4.0.0)
      sassc-embedded (~> 1.69)
      sprockets (> 3.0)
      sprockets-rails
      tilt
    database_cleaner (2.0.2)
      database_cleaner-active_record (>= 2, < 3)
    database_cleaner-active_record (2.1.0)
      activerecord (>= 5.a)
      database_cleaner-core (~> 2.0.0)
    database_cleaner-core (2.0.1)
    date (3.3.4)
    diff-lcs (1.5.1)
    docile (1.4.0)
    dotenv (3.1.4)
    drb (2.2.1)
    erubi (1.13.0)
    ethon (0.16.0)
      ffi (>= 1.15.0)
    eventmachine (1.2.7)
    exception_notification (4.5.0)
      actionmailer (>= 5.2, < 8)
      activesupport (>= 5.2, < 8)
    execjs (2.9.1)
    factory_bot (6.4.6)
      activesupport (>= 5.0.0)
    factory_bot_rails (6.4.3)
      factory_bot (~> 6.4)
      railties (>= 5.0.0)
    ffi (1.17.0-aarch64-linux-gnu)
    ffi (1.17.0-aarch64-linux-musl)
    ffi (1.17.0-arm64-darwin)
    ffi (1.17.0-x86_64-darwin)
    ffi (1.17.0-x86_64-linux-gnu)
    ffi (1.17.0-x86_64-linux-musl)
    get_process_mem (1.0.0)
      bigdecimal (>= 2.0)
      ffi (~> 1.0)
    globalid (1.2.1)
      activesupport (>= 6.1)
    gon (6.4.0)
      actionpack (>= 3.0.20)
      i18n (>= 0.7)
      multi_json
      request_store (>= 1.0)
    google-protobuf (4.27.5-aarch64-linux)
      bigdecimal
      rake (>= 13)
    google-protobuf (4.27.5-arm64-darwin)
      bigdecimal
      rake (>= 13)
    google-protobuf (4.27.5-x86_64-darwin)
      bigdecimal
      rake (>= 13)
    google-protobuf (4.27.5-x86_64-linux)
      bigdecimal
      rake (>= 13)
    haml (6.3.0)
      temple (>= 0.8.2)
      thor
      tilt
    haml-rails (2.1.0)
      actionpack (>= 5.1)
      activesupport (>= 5.1)
      haml (>= 4.0.6)
      railties (>= 5.1)
    haml_lint (0.59.0)
      haml (>= 5.0)
      parallel (~> 1.10)
      rainbow
      rubocop (>= 1.0)
      sysexits (~> 1.1)
    hashdiff (1.1.1)
    html-proofer (3.19.4)
      addressable (~> 2.3)
      mercenary (~> 0.3)
      nokogiri (~> 1.13)
      parallel (~> 1.10)
      rainbow (~> 3.0)
      typhoeus (~> 1.3)
      yell (~> 2.0)
    httparty (0.22.0)
      csv
      mini_mime (>= 1.0.0)
      multi_xml (>= 0.5.2)
    i18n (1.14.6)
      concurrent-ruby (~> 1.0)
    io-console (0.7.2)
    irb (1.14.1)
      rdoc (>= 4.0.0)
      reline (>= 0.4.2)
    jmespath (1.6.2)
    jquery-fileupload-rails (1.0.0)
      actionpack (>= 3.1)
      railties (>= 3.1)
      sassc
    jquery-rails (4.6.0)
      rails-dom-testing (>= 1, < 3)
      railties (>= 4.2.0)
      thor (>= 0.14, < 2.0)
    jquery-ui-rails-dox-fork (7.0.2)
      railties (>= 3.2.16)
    json (2.7.2)
    jwt (2.9.3)
      base64
    language_server-protocol (3.17.0.3)
    listen (3.9.0)
      rb-fsevent (~> 0.10, >= 0.10.3)
      rb-inotify (~> 0.9, >= 0.9.10)
    logger (1.6.0)
    loofah (2.22.0)
      crass (~> 1.0.2)
      nokogiri (>= 1.12.0)
    mail (2.8.1)
      mini_mime (>= 0.1.1)
      net-imap
      net-pop
      net-smtp
    marcel (1.0.4)
    matrix (0.4.2)
    memory_profiler (1.1.0)
    mercenary (0.4.0)
    mini_mime (1.1.5)
    minitest (5.25.1)
    mono_logger (1.1.2)
    multi_json (1.15.0)
    multi_xml (0.7.1)
      bigdecimal (~> 3.1)
    mustermann (3.0.0)
      ruby2_keywords (~> 0.0.1)
    mutex_m (0.2.0)
    net-imap (0.5.0)
      date
      net-protocol
    net-pop (0.1.2)
      net-protocol
    net-protocol (0.2.2)
      timeout
    net-smtp (0.5.0)
      net-protocol
    newrelic_rpm (9.14.0)
    nilify_blanks (1.4.0)
      activerecord (>= 4.0.0)
      activesupport (>= 4.0.0)
    nio4r (2.7.3)
    nokogiri (1.16.7-aarch64-linux)
      racc (~> 1.4)
    nokogiri (1.16.7-arm64-darwin)
      racc (~> 1.4)
    nokogiri (1.16.7-x86_64-darwin)
      racc (~> 1.4)
    nokogiri (1.16.7-x86_64-linux)
      racc (~> 1.4)
    parallel (1.26.3)
    parser (3.3.5.0)
      ast (~> 2.4.1)
      racc
    pg (1.5.8)
    pg_search (2.3.7)
      activerecord (>= 6.1)
      activesupport (>= 6.1)
    popper_js (2.11.8)
    power_assert (2.0.3)
    psych (5.1.2)
      stringio
    public_suffix (6.0.1)
    puma (6.4.3)
      nio4r (~> 2.0)
    racc (1.8.1)
    rack (2.2.10)
    rack-attack (6.7.0)
      rack (>= 1.0, < 4)
    rack-cors (2.0.2)
      rack (>= 2.0.0)
    rack-mini-profiler (3.3.1)
      rack (>= 1.2.0)
    rack-pratchett (0.1.1)
    rack-protection (3.2.0)
      base64 (>= 0.1.0)
      rack (~> 2.2, >= 2.2.4)
    rack-session (1.0.2)
      rack (< 3)
    rack-test (2.1.0)
      rack (>= 1.3)
    rack-timeout (0.7.0)
    rackup (1.0.0)
      rack (< 3)
      webrick
    rails (7.1.4.1)
      actioncable (= 7.1.4.1)
      actionmailbox (= 7.1.4.1)
      actionmailer (= 7.1.4.1)
      actionpack (= 7.1.4.1)
      actiontext (= 7.1.4.1)
      actionview (= 7.1.4.1)
      activejob (= 7.1.4.1)
      activemodel (= 7.1.4.1)
      activerecord (= 7.1.4.1)
      activestorage (= 7.1.4.1)
      activesupport (= 7.1.4.1)
      bundler (>= 1.15.0)
      railties (= 7.1.4.1)
    rails-controller-testing (1.0.5)
      actionpack (>= 5.0.1.rc1)
      actionview (>= 5.0.1.rc1)
      activesupport (>= 5.0.1.rc1)
    rails-dom-testing (2.2.0)
      activesupport (>= 5.0.0)
      minitest
      nokogiri (>= 1.6)
    rails-html-sanitizer (1.6.0)
      loofah (~> 2.21)
      nokogiri (~> 1.14)
    railties (7.1.4.1)
      actionpack (= 7.1.4.1)
      activesupport (= 7.1.4.1)
      irb
      rackup (>= 1.0.0)
      rake (>= 12.2)
      thor (~> 1.0, >= 1.2.2)
      zeitwerk (~> 2.6)
    rainbow (3.1.1)
    rake (13.2.1)
    rb-fsevent (0.11.2)
    rb-inotify (0.11.1)
      ffi (~> 1.0)
    rdoc (6.7.0)
      psych (>= 4.0.0)
    redcarpet (3.6.0)
    redis (5.3.0)
      redis-client (>= 0.22.0)
    redis-client (0.22.2)
      connection_pool
    redis-namespace (1.11.0)
      redis (>= 4)
    regexp_parser (2.9.2)
    reline (0.5.10)
      io-console (~> 0.5)
    request_store (1.7.0)
      rack (>= 1.4)
    resque (2.6.0)
      mono_logger (~> 1.0)
      multi_json (~> 1.0)
      redis-namespace (~> 1.6)
      sinatra (>= 0.9.2)
    resque-heroku-signals (2.6.0)
      resque (= 2.6.0)
    resque_mailer (2.4.3)
      actionmailer (>= 3.0)
      activesupport (>= 3.0)
    resque_spec (0.18.1)
      resque (>= 1.26.0)
      rspec-core (>= 3.0.0)
      rspec-expectations (>= 3.0.0)
      rspec-mocks (>= 3.0.0)
    rexml (3.3.8)
    rspec-core (3.13.1)
      rspec-support (~> 3.13.0)
    rspec-expectations (3.13.3)
      diff-lcs (>= 1.2.0, < 2.0)
      rspec-support (~> 3.13.0)
    rspec-mocks (3.13.1)
      diff-lcs (>= 1.2.0, < 2.0)
      rspec-support (~> 3.13.0)
    rspec-rails (7.0.1)
      actionpack (>= 7.0)
      activesupport (>= 7.0)
      railties (>= 7.0)
      rspec-core (~> 3.13)
      rspec-expectations (~> 3.13)
      rspec-mocks (~> 3.13)
      rspec-support (~> 3.13)
    rspec-support (3.13.1)
    rubocop (1.66.1)
      json (~> 2.3)
      language_server-protocol (>= 3.17.0)
      parallel (~> 1.10)
      parser (>= 3.3.0.2)
      rainbow (>= 2.2.2, < 4.0)
      regexp_parser (>= 2.4, < 3.0)
      rubocop-ast (>= 1.32.2, < 2.0)
      ruby-progressbar (~> 1.7)
      unicode-display_width (>= 2.4.0, < 3.0)
    rubocop-ast (1.32.3)
      parser (>= 3.3.1.0)
    rubocop-capybara (2.21.0)
      rubocop (~> 1.41)
    rubocop-factory_bot (2.26.1)
      rubocop (~> 1.61)
    rubocop-performance (1.22.1)
      rubocop (>= 1.48.1, < 2.0)
      rubocop-ast (>= 1.31.1, < 2.0)
    rubocop-rails (2.25.1)
      activesupport (>= 4.2.0)
      rack (>= 1.1)
      rubocop (>= 1.33.0, < 2.0)
      rubocop-ast (>= 1.31.1, < 2.0)
    rubocop-rspec (3.0.5)
      rubocop (~> 1.61)
    rubocop-rspec_rails (2.30.0)
      rubocop (~> 1.61)
      rubocop-rspec (~> 3, >= 3.0.1)
    ruby-progressbar (1.13.0)
    ruby2_keywords (0.0.5)
    rubyzip (2.3.2)
    sanitize (6.1.3)
      crass (~> 1.0.2)
      nokogiri (>= 1.12.0)
    sass-embedded (1.77.5-aarch64-linux-gnu)
      google-protobuf (>= 3.25, < 5.0)
    sass-embedded (1.77.5-aarch64-linux-musl)
      google-protobuf (>= 3.25, < 5.0)
    sass-embedded (1.77.5-arm64-darwin)
      google-protobuf (>= 3.25, < 5.0)
    sass-embedded (1.77.5-x86_64-darwin)
      google-protobuf (>= 3.25, < 5.0)
    sass-embedded (1.77.5-x86_64-linux-gnu)
      google-protobuf (>= 3.25, < 5.0)
    sass-embedded (1.77.5-x86_64-linux-musl)
      google-protobuf (>= 3.25, < 5.0)
    sassc (2.4.0)
      ffi (~> 1.9)
    sassc-embedded (1.77.7)
      sass-embedded (~> 1.77)
    scout_apm (5.4.0)
      parser
    seed_dump (3.3.1)
      activerecord (>= 4)
      activesupport (>= 4)
    select2-rails (4.0.13)
    selenium-webdriver (4.24.0)
      base64 (~> 0.2)
      logger (~> 1.4)
      rexml (~> 3.2, >= 3.2.5)
      rubyzip (>= 1.2.2, < 3.0)
      websocket (~> 1.0)
    simplecov (0.22.0)
      docile (~> 1.1)
      simplecov-html (~> 0.11)
      simplecov_json_formatter (~> 0.1)
    simplecov-html (0.12.3)
    simplecov_json_formatter (0.1.4)
    sinatra (3.2.0)
      mustermann (~> 3.0)
      rack (~> 2.2, >= 2.2.4)
      rack-protection (= 3.2.0)
      tilt (~> 2.0)
    sprockets (4.2.1)
      concurrent-ruby (~> 1.0)
      rack (>= 2.2.4, < 4)
    sprockets-rails (3.5.2)
      actionpack (>= 6.1)
      activesupport (>= 6.1)
      sprockets (>= 3.0.0)
    statsd-ruby (1.5.0)
    stringio (3.1.1)
    sysexits (1.2.0)
    temple (0.10.3)
    terser (1.2.3)
      execjs (>= 0.3.0, < 3)
    test-unit (3.6.2)
      power_assert
    thin (1.8.2)
      daemons (~> 1.0, >= 1.0.9)
      eventmachine (~> 1.0, >= 1.0.4)
      rack (>= 1, < 3)
    thor (1.3.2)
    tilt (2.4.0)
    timecop (0.9.10)
    timeout (0.4.1)
    tinymce-rails (6.8.4)
      railties (>= 3.1.1)
    traceroute (0.8.1)
      rails (>= 3.0.0)
    typhoeus (1.4.1)
      ethon (>= 0.9.0)
    tzinfo (2.0.6)
      concurrent-ruby (~> 1.0)
    unicode-display_width (2.6.0)
    webmock (3.24.0)
      addressable (>= 2.8.0)
      crack (>= 0.3.2)
      hashdiff (>= 0.4.0, < 2.0.0)
    webrick (1.8.2)
    websocket (1.2.11)
    websocket-driver (0.7.6)
      websocket-extensions (>= 0.1.0)
    websocket-extensions (0.1.5)
    will_paginate (4.0.1)
    xpath (3.2.0)
      nokogiri (~> 1.8)
    yell (2.2.2)
    zeitwerk (2.7.0)

PLATFORMS
  aarch64-linux-gnu
  aarch64-linux-musl
  arm64-darwin
  x86_64-darwin
  x86_64-linux
  x86_64-linux-musl

DEPENDENCIES
  api-pagination
  apipie-rails
  audited (~> 5.5.0)
  aws-sdk-rails (~> 4)
  aws-sdk-s3 (~> 1)
  aws-sdk-ses (~> 1)
  barnes
  bootstrap (~> 5.3)
  brakeman (~> 6.2.1)
  byebug
  capybara
  dartsass-sprockets
  database_cleaner
  dotenv
  exception_notification
  factory_bot_rails
  get_process_mem
  gon (~> 6.4)
  haml-rails
  haml_lint (~> 0.59.0)
  html-proofer (< 4)
  httparty
  jquery-fileupload-rails
  jquery-rails (~> 4.6)
  jquery-ui-rails-dox-fork
  json (~> 2.7)
  jwt
  listen
  memory_profiler
  newrelic_rpm
  nilify_blanks
  nokogiri
  pg (~> 1.5)
  pg_search
  puma
  rack-attack
  rack-cors
  rack-mini-profiler
  rack-pratchett
  rack-timeout (>= 0.6.0)
  rails (~> 7.1.4)
  rails-controller-testing
  rake (~> 13.2)
  redcarpet (~> 3.6)
  redis (~> 5.3)
  resque
  resque-heroku-signals
  resque_mailer
  resque_spec
  rspec-rails
  rubocop (~> 1.66.1)
  rubocop-capybara (~> 2.21.0)
  rubocop-factory_bot (~> 2.26.0)
  rubocop-performance (~> 1.22.1)
  rubocop-rails (~> 2.25.1)
  rubocop-rspec (~> 3.0.5)
  rubocop-rspec_rails (~> 2.30.0)
  sanitize
  scout_apm
  seed_dump (~> 3.2)
  select2-rails
  selenium-webdriver
  simplecov
  sprockets
  sprockets-rails
  terser
  test-unit (~> 3.6)
  thin
  timecop
  tinymce-rails (~> 6.8)
  traceroute
  webmock
  will_paginate

RUBY VERSION
   ruby 3.3.5p100

BUNDLED WITH
   2.5.6
